GEM
  remote: https://rubygems.org/
  specs:
    awesome_print (1.9.2)
    binding_of_caller (1.0.0)
      debug_inspector (>= 0.0.1)
    byebug (11.1.3)
    coderay (1.1.3)
    color (1.8)
    colorize (0.8.1)
    curses (1.4.2)
    debug_inspector (1.1.0)
    interception (0.5)
    method_source (1.0.0)
    pry (0.13.1)
      coderay (~> 1.1)
      method_source (~> 1.0)
    pry-byebug (3.9.0)
      byebug (~> 11.0)
      pry (~> 0.13.0)
    pry-rescue (1.5.2)
      interception (>= 0.5)
      pry (>= 0.12.0)
    pry-stack_explorer (0.6.1)
      binding_of_caller (~> 1.0)
      pry (~> 0.13)
    ruby-terminfo (0.1.1)
    tco (0.1.8)

PLATFORMS
  ruby

DEPENDENCIES
  awesome_print
  byebug
  color
  colorize
  curses
  pry
  pry-byebug
  pry-rescue
  pry-stack_explorer
  ruby-terminfo
  tco

RUBY VERSION
   ruby 2.7.5p203

BUNDLED WITH
   2.1.4
